GEM
  remote: http://rubygems.org/
  specs:
    actionmailer (2.3.8)
      actionpack (= 2.3.8)
    actionpack (2.3.8)
      activesupport (= 2.3.8)
      rack (~> 1.1.0)
    activerecord (2.3.8)
      activesupport (= 2.3.8)
    activeresource (2.3.8)
      activesupport (= 2.3.8)
    activesupport (2.3.8)
    cgi_multipart_eof_fix (2.5.0)
    daemons (1.1.0)
    fastthread (1.0.7)
    gem_plugin (0.2.3)
    haml (2.2.24)
    mongrel (1.1.5)
      cgi_multipart_eof_fix (>= 2.4)
      daemons (>= 1.0.3)
      fastthread (>= 1.0.1)
      gem_plugin (>= 0.2.3)
    pg (0.9.0)
    rack (1.1.0)
    rails (2.3.8)
      actionmailer (= 2.3.8)
      actionpack (= 2.3.8)
      activerecord (= 2.3.8)
      activeresource (= 2.3.8)
      activesupport (= 2.3.8)
      rake (>= 0.8.3)
    rake (0.8.7)
    sqlite3-ruby (1.3.2)

PLATFORMS
  ruby

DEPENDENCIES
  haml (~> 2.2.24)
  mongrel (~> 1.1.5)
  pg
  rails (= 2.3.8)
  sqlite3-ruby
